GEM
  remote: https://rubygems.org/
  specs:
    rack (1.4.1)
    rack-protection (1.3.2)
      rack
    rack-ssl (1.3.2)
      rack
    sinatra (1.3.3)
      rack (~> 1.3, >= 1.3.6)
      rack-protection (~> 1.2)
      tilt (~> 1.3, >= 1.3.3)
    tilt (1.3.3)
    webrick (1.3.1)

PLATFORMS
  ruby

DEPENDENCIES
  rack-ssl
  sinatra
  webrick
